GIT
  remote: git://github.com/noodall/noodall-ui.git
  revision: 743538e5416257133e1d0a954bede57ca40121ba
  branch: feature/rails3.1
  specs:
    noodall-ui (0.4.5)
      dynamic_form
      noodall-core (>= 0.7.2)
      thoughtbot-sortable_table (>= 0.0.6)
      will_paginate (~> 3.0)

PATH
  remote: .
  specs:
    noodall_poll (0.0.1)
      bson_ext
      mongo_mapper
      rails (~> 3.1.0)

GEM
  remote: http://rubygems.org/
  remote: http://gems.github.com/
  specs:
    actionmailer (3.1.0)
      actionpack (= 3.1.0)
      mail (~> 2.3.0)
    actionpack (3.1.0)
      activemodel (= 3.1.0)
      activesupport (= 3.1.0)
      builder (~> 3.0.0)
      erubis (~> 2.7.0)
      i18n (~> 0.6)
      rack (~> 1.3.2)
      rack-cache (~> 1.0.3)
      rack-mount (~> 0.8.2)
      rack-test (~> 0.6.1)
      sprockets (~> 2.0.0)
    activemodel (3.1.0)
      activesupport (= 3.1.0)
      bcrypt-ruby (~> 3.0.0)
      builder (~> 3.0.0)
      i18n (~> 0.6)
    activerecord (3.1.0)
      activemodel (= 3.1.0)
      activesupport (= 3.1.0)
      arel (~> 2.2.1)
      tzinfo (~> 0.3.29)
    activeresource (3.1.0)
      activemodel (= 3.1.0)
      activesupport (= 3.1.0)
    activesupport (3.1.0)
      multi_json (~> 1.0)
    arel (2.2.1)
    bcrypt-ruby (3.0.1)
    bson (1.4.0)
    bson_ext (1.4.0)
    builder (3.0.0)
    canable (0.1.1)
    differ (0.1.2)
    dragonfly (0.9.8)
      rack
    dynamic_form (1.1.4)
    erubis (2.7.0)
    factory_girl (2.1.2)
      activesupport
    factory_girl_rails (1.2.0)
      factory_girl (~> 2.1.0)
      railties (>= 3.0.0)
    faker (0.3.1)
    hike (1.2.1)
    i18n (0.6.0)
    mail (2.3.0)
      i18n (>= 0.4.0)
      mime-types (~> 1.16)
      treetop (~> 1.4.8)
    mime-types (1.16)
    mm-multi-parameter-attributes (0.2.1)
      mongo_mapper (>= 0.9.0)
    mm-versionable (0.2.6)
      bson_ext
      builder
      differ
      i18n
      mongo_mapper (>= 0.9.0)
    mongo (1.4.0)
      bson (= 1.4.0)
    mongo_mapper (0.9.2)
      activemodel (~> 3.0)
      activesupport (~> 3.0)
      plucky (~> 0.3.8)
    multi_json (1.0.3)
    noodall-core (0.7.5)
      canable (~> 0.1.1)
      mm-multi-parameter-attributes (~> 0.2.1)
      mm-versionable (~> 0.2.5)
      mongo_mapper (~> 0.9.0)
      ramdiv-mongo_mapper_acts_as_tree (~> 0.1.1)
      ruby-stemmer
    plucky (0.3.8)
      mongo (~> 1.3)
    polyglot (0.3.2)
    rack (1.3.3)
    rack-cache (1.0.3)
      rack (>= 0.4)
    rack-mount (0.8.3)
      rack (>= 1.0.0)
    rack-ssl (1.3.2)
      rack
    rack-test (0.6.1)
      rack (>= 1.0)
    rails (3.1.0)
      actionmailer (= 3.1.0)
      actionpack (= 3.1.0)
      activerecord (= 3.1.0)
      activeresource (= 3.1.0)
      activesupport (= 3.1.0)
      bundler (~> 1.0)
      railties (= 3.1.0)
    railties (3.1.0)
      actionpack (= 3.1.0)
      activesupport (= 3.1.0)
      rack-ssl (~> 1.3.2)
      rake (>= 0.8.7)
      rdoc (~> 3.4)
      thor (~> 0.14.6)
    rake (0.9.2)
    ramdiv-mongo_mapper_acts_as_tree (0.1.2)
      mongo_mapper (>= 0.6.8)
    rdoc (3.9.4)
    rmagick (2.13.1)
    ruby-stemmer (0.9.1)
    sprockets (2.0.0)
      hike (~> 1.2)
      rack (~> 1.0)
      tilt (!= 1.3.0, ~> 1.1)
    thor (0.14.6)
    thoughtbot-sortable_table (0.0.6)
    tilt (1.3.3)
    treetop (1.4.10)
      polyglot
      polyglot (>= 0.3.1)
    tzinfo (0.3.29)
    will_paginate (3.0.1)

PLATFORMS
  ruby

DEPENDENCIES
  dragonfly (~> 0.9.4)
  factory_girl_rails
  faker (~> 0.3.1)
  noodall-ui!
  noodall_poll!
  rmagick
